GEM
  remote: https://rubygems.org/
  specs:
    rubyzip (2.3.2)

PLATFORMS
  arm64-darwin-21

DEPENDENCIES
  rubyzip (~> 2.3, >= 2.3.2)

BUNDLED WITH
   2.3.7
